GEM
  remote: http://rubygems.org/
  specs:
    addressable (2.2.6)
    daemons (1.1.4)
    em-websocket (0.3.5)
      addressable (>= 2.1.1)
      eventmachine (>= 0.12.9)
    eventmachine (1.0.0.beta.4.1-x86-mingw32)
    json (1.6.1)
    rack (1.3.5)
    ruby-hmac (0.4.0)
    socky-authenticator (0.5.0.beta5)
      json
      ruby-hmac
    socky-server (0.5.0.beta1)
      json
      socky-authenticator (~> 0.5.0.beta5)
      websocket-rack (>= 0.2.1)
    thin (1.2.11-x86-mingw32)
      daemons (>= 1.0.9)
      eventmachine (>= 0.12.6)
      rack (>= 1.0.0)
    websocket-rack (0.3.1)
      em-websocket (~> 0.3.1)
      rack
      thin

PLATFORMS
  x86-mingw32

DEPENDENCIES
  socky-server (= 0.5.0.beta1)
  thin
